GEM
  remote: https://rubygems.org/
  specs:
    addressable (2.3.8)
    cuba (3.4.0)
      rack
    http (0.8.3)
      addressable (~> 2.3)
      http-form_data (~> 1.0.1)
      http_parser.rb (~> 0.6.0)
    http-form_data (1.0.1)
    http_parser.rb (0.6.0)
    puma (2.11.2)
      rack (>= 1.1, < 2.0)
    rack (1.6.0)

PLATFORMS
  ruby

DEPENDENCIES
  cuba (~> 3.4)
  http (= 0.8.3)
  puma (~> 2.11)
